GEM
  remote: https://rubygems.org/
  specs:
    dotenv (2.7.6)
    google-protobuf (3.14.0)
    googleapis-common-protos-types (1.0.5)
      google-protobuf (~> 3.11)
    grpc (1.32.0)
      google-protobuf (~> 3.13)
      googleapis-common-protos-types (~> 1.0)

PLATFORMS
  ruby

DEPENDENCIES
  dotenv
  grpc

BUNDLED WITH
   2.1.4
