GEM
  remote: https://rubygems.org/
  specs:
    google-protobuf (3.14.0-x86_64-linux)
    googleapis-common-protos-types (1.0.5)
      google-protobuf (~> 3.11)
    grpc (1.32.0-x86_64-linux)
      google-protobuf (~> 3.13)
      googleapis-common-protos-types (~> 1.0)

PLATFORMS
  ruby

DEPENDENCIES
  grpc

BUNDLED WITH
   2.1.4
